PATH
  remote: .
  specs:
    motion-frank-screenshots (0.0.1)
      bubble-wrap
      motion-frank

GEM
  remote: http://rubygems.org/
  specs:
    activesupport (3.2.12)
      i18n (~> 0.6)
      multi_json (~> 1.0)
    bubble-wrap (1.3.0)
    builder (3.2.2)
    colored (1.2)
    cucumber (1.3.5)
      builder (>= 2.1.2)
      diff-lcs (>= 1.1.3)
      gherkin (~> 2.12.0)
      multi_json (~> 1.7.5)
      multi_test (>= 0.0.2)
    diff-lcs (1.2.4)
    dnssd (2.0)
    frank-cucumber (1.1.8)
      cucumber
      dnssd
      i18n
      json
      plist
      rspec (>= 2.0)
      sim_launcher (>= 0.4.6)
      thor
      xcodeproj
    gherkin (2.12.0)
      multi_json (~> 1.3)
    i18n (0.6.4)
    json (1.8.0)
    motion-frank (1.1.8.2)
      frank-cucumber (= 1.1.8)
    multi_json (1.7.7)
    multi_test (0.0.2)
    plist (3.1.0)
    rack (1.5.2)
    rack-protection (1.5.0)
      rack
    rake (10.1.0)
    rspec (2.14.1)
      rspec-core (~> 2.14.0)
      rspec-expectations (~> 2.14.0)
      rspec-mocks (~> 2.14.0)
    rspec-core (2.14.4)
    rspec-expectations (2.14.0)
      diff-lcs (>= 1.1.3, < 2.0)
    rspec-mocks (2.14.1)
    sim_launcher (0.4.6)
      sinatra
    sinatra (1.4.3)
      rack (~> 1.4)
      rack-protection (~> 1.4)
      tilt (~> 1.3, >= 1.3.4)
    thor (0.18.1)
    tilt (1.4.1)
    xcodeproj (0.5.2)
      activesupport (~> 3.2.6)
      colored (~> 1.2)

PLATFORMS
  ruby

DEPENDENCIES
  motion-frank-screenshots!
  rake
